GEM
  remote: https://rubygems.org/
  specs:
    humidifier (0.6.0)
    rake (11.3.0)

PLATFORMS
  ruby

DEPENDENCIES
  humidifier
  rake

BUNDLED WITH
   1.12.5
